GEM
  remote: https://rubygems.org/
  specs:
    parallel (1.12.1)
    ruby-progressbar (1.10.0)

PLATFORMS
  ruby

DEPENDENCIES
  parallel (~> 1.12)
  ruby-progressbar (~> 1.10)

BUNDLED WITH
   1.17.1
