GEM
  remote: https://rubygems.org/
  specs:
    progressbar (1.10.0)

PLATFORMS
  ruby

DEPENDENCIES
  progressbar (~> 1.10)

BUNDLED WITH
   1.17.1
